PATH
  remote: .
  specs:
    usage_by_example (0.0.0)

GEM
  remote: https://rubygems.org/
  specs:
    rake (13.0.6)

PLATFORMS
  x86_64-darwin-19

DEPENDENCIES
  rake (~> 13.0)
  usage_by_example!

BUNDLED WITH
   2.3.7
